GIT
  remote: git@github.com:relevance/bamfcsv.git
  revision: 8bb382df314b5f44f6dc46b0734be468f02c3764
  tag: v0.3.1
  specs:
    bamfcsv (0.3.1)

PATH
  remote: .
  specs:
    glitr (0.1.1)
      bamfcsv (~> 0.3.0)
      typhoeus (~> 0.2.4)

GEM
  remote: http://rubygems.org/
  specs:
    diff-lcs (1.1.2)
    mime-types (1.16)
    mocha (0.9.12)
    rspec (2.6.0)
      rspec-core (~> 2.6.0)
      rspec-expectations (~> 2.6.0)
      rspec-mocks (~> 2.6.0)
    rspec-core (2.6.4)
    rspec-expectations (2.6.0)
      diff-lcs (~> 1.1.2)
    rspec-mocks (2.6.0)
    typhoeus (0.2.4)
      mime-types
      mime-types

PLATFORMS
  ruby

DEPENDENCIES
  bamfcsv (= 0.3.1)!
  glitr!
  mocha (~> 0.9.10)
  rspec (~> 2.6.0)
