PATH
  remote: .
  specs:
    glitr (0.0.1)
      typhoeus (~> 0.2.4)

GEM
  remote: http://rubygems.org/
  specs:
    diff-lcs (1.1.2)
    mime-types (1.16)
    mocha (0.9.12)
    rspec (2.2.0)
      rspec-core (~> 2.2)
      rspec-expectations (~> 2.2)
      rspec-mocks (~> 2.2)
    rspec-core (2.5.1)
    rspec-expectations (2.5.0)
      diff-lcs (~> 1.1.2)
    rspec-mocks (2.5.0)
    typhoeus (0.2.4)
      mime-types
      mime-types

PLATFORMS
  ruby

DEPENDENCIES
  glitr!
  mocha (~> 0.9.10)
  rspec (~> 2.2.0)
