GIT
  remote: git@github.com:relevance/bamfcsv.git
  revision: a5e3da627b0539f2b8436782a8deb7cf24ed372d
  tag: v0.3.0
  specs:
    bamfcsv (0.3.0)

PATH
  remote: .
  specs:
    glitr (0.1.0)
      bamfcsv (~> 0.3.0)
      typhoeus (~> 0.2.4)

GEM
  remote: http://rubygems.org/
  specs:
    diff-lcs (1.1.2)
    mime-types (1.16)
    mocha (0.9.12)
    rspec (2.2.0)
      rspec-core (~> 2.2)
      rspec-expectations (~> 2.2)
      rspec-mocks (~> 2.2)
    rspec-core (2.5.1)
    rspec-expectations (2.5.0)
      diff-lcs (~> 1.1.2)
    rspec-mocks (2.5.0)
    typhoeus (0.2.4)
      mime-types
      mime-types

PLATFORMS
  ruby

DEPENDENCIES
  bamfcsv (= 0.3.0)!
  glitr!
  mocha (~> 0.9.10)
  rspec (~> 2.2.0)
